PATH
  remote: .
  specs:
    mayak_generator (0.0.3)

GEM
  remote: https://rubygems.org/
  specs:

PLATFORMS
  ruby

DEPENDENCIES
  mayak_generator!

BUNDLED WITH
   1.11.2
